GEM
  remote: http://rubygems.org/
  specs:
    activemodel (3.0.3)
      activesupport (= 3.0.3)
      builder (~> 2.1.2)
      i18n (~> 0.4)
    activesupport (3.0.3)
    builder (2.1.2)
    i18n (0.5.0)
    minitest (2.0.2)

PLATFORMS
  ruby

DEPENDENCIES
  activemodel (~> 3.0)
  minitest
