GEM
  remote: http://rubygems.org/
  specs:
    json_pure (1.5.1)
    minitest (2.0.2)
    rack (1.2.2)
    sinatra (1.2.1)
      rack (~> 1.1)
      tilt (< 2.0, >= 1.2.2)
    tilt (1.2.2)

PLATFORMS
  ruby

DEPENDENCIES
  json_pure
  minitest
  sinatra
